GIT
  remote: git@git.health.unm.edu:DElnewman/contracts-gen.git
  revision: 3da9b3b8251a3fe6109c90856322bf54b8bbacae
  specs:
    contracts-gen (0.1.0)
      faker (~> 1.9.6)
      gen-test (~> 0.1.0)

GIT
  remote: git@git.health.unm.edu:DElnewman/gen-test.git
  revision: 20e1c9ff89fbf23f7db393eaf6a3f4a90927149c
  specs:
    gen-test (0.1.0)
      faker (~> 1.9.6)
      regexp-examples (~> 1.5.0)

PATH
  remote: ../el
  specs:
    el (0.1.0)

GEM
  remote: https://rubygems.org/
  specs:
    awesome_print (1.8.0)
    coderay (1.1.2)
    concurrent-ruby (1.1.5)
    contracts (0.16.0)
    diff-lcs (1.3)
    faker (1.9.6)
      i18n (>= 0.7)
    i18n (1.7.1)
      concurrent-ruby (~> 1.0)
    method_source (0.9.2)
    polyglot (0.3.5)
    pry (0.12.2)
      coderay (~> 1.1.0)
      method_source (~> 0.9.0)
    rack (2.0.8)
    rack-contrib (2.1.0)
      rack (~> 2.0)
    regexp-examples (1.5.0)
    rspec (3.9.0)
      rspec-core (~> 3.9.0)
      rspec-expectations (~> 3.9.0)
      rspec-mocks (~> 3.9.0)
    rspec-core (3.9.1)
      rspec-support (~> 3.9.1)
    rspec-expectations (3.9.0)
      diff-lcs (>= 1.2.0, < 2.0)
      rspec-support (~> 3.9.0)
    rspec-mocks (3.9.1)
      diff-lcs (>= 1.2.0, < 2.0)
      rspec-support (~> 3.9.0)
    rspec-support (3.9.2)
    thor (1.0.1)
    treetop (1.6.10)
      polyglot (~> 0.3)

PLATFORMS
  ruby

DEPENDENCIES
  awesome_print
  contracts
  contracts-gen!
  el!
  gen-test!
  pry
  rack
  rack-contrib
  rspec
  thor
  treetop

BUNDLED WITH
   1.17.3
