PATH
  remote: ../../el
  specs:
    el (0.1.0)

GEM
  remote: https://rubygems.org/
  specs:
    awesome_print (1.8.0)
    byebug (11.0.1)
    coderay (1.1.2)
    concurrent-ruby (1.1.5)
    coolline (0.5.0)
      unicode_utils (~> 1.4)
    diff-lcs (1.3)
    dry-configurable (0.9.0)
      concurrent-ruby (~> 1.0)
      dry-core (~> 0.4, >= 0.4.7)
    dry-container (0.7.2)
      concurrent-ruby (~> 1.0)
      dry-configurable (~> 0.1, >= 0.1.3)
    dry-core (0.4.9)
      concurrent-ruby (~> 1.0)
    dry-equalizer (0.3.0)
    dry-inflector (0.2.0)
    dry-initializer (3.0.2)
    dry-logic (1.0.5)
      concurrent-ruby (~> 1.0)
      dry-core (~> 0.2)
      dry-equalizer (~> 0.2)
    dry-struct (1.1.1)
      dry-core (~> 0.4, >= 0.4.3)
      dry-equalizer (~> 0.2)
      dry-types (~> 1.0)
      ice_nine (~> 0.11)
    dry-types (1.2.1)
      concurrent-ruby (~> 1.0)
      dry-container (~> 0.3)
      dry-core (~> 0.4, >= 0.4.4)
      dry-equalizer (~> 0.2, >= 0.2.2)
      dry-inflector (~> 0.1, >= 0.1.2)
      dry-logic (~> 1.0, >= 1.0.2)
    hirb (0.7.3)
    hirb-unicode-steakknife (0.0.9)
      hirb (~> 0.5)
      unicode-display_width (~> 1.1)
    ice_nine (0.11.2)
    method_source (0.9.2)
    polyglot (0.3.5)
    pry (0.12.2)
      coderay (~> 1.1.0)
      method_source (~> 0.9.0)
    pry-byebug (3.7.0)
      byebug (~> 11.0)
      pry (~> 0.10)
    pry-coolline (0.2.5)
      coolline (~> 0.5)
    pry-doc (1.0.0)
      pry (~> 0.11)
      yard (~> 0.9.11)
    pry-rails (0.3.9)
      pry (>= 0.10.4)
    rack (2.0.7)
    rom (5.1.2)
      rom-changeset (~> 5.1)
      rom-core (~> 5.1, >= 5.1.2)
      rom-repository (~> 5.1)
    rom-changeset (5.1.2)
      dry-core (~> 0.4)
      rom-core (~> 5.1, >= 5.1.2)
      transproc (~> 1.0, >= 1.1.0)
    rom-core (5.1.2)
      concurrent-ruby (~> 1.1)
      dry-container (~> 0.7)
      dry-core (~> 0.4)
      dry-equalizer (~> 0.2)
      dry-inflector (~> 0.1)
      dry-initializer (~> 3.0, >= 3.0.1)
      dry-struct (~> 1.0)
      dry-types (~> 1.0)
      transproc (~> 1.0, >= 1.1.0)
    rom-repository (5.1.2)
      dry-core (~> 0.4)
      dry-initializer (~> 3.0, >= 3.0.1)
      rom-core (~> 5.1, >= 5.1.2)
    rom-sql (3.0.1)
      dry-core (~> 0.4)
      dry-equalizer (~> 0.2)
      dry-types (~> 1.0)
      rom-core (~> 5.0, >= 5.0.1)
      sequel (>= 4.49)
    rspec (3.9.0)
      rspec-core (~> 3.9.0)
      rspec-expectations (~> 3.9.0)
      rspec-mocks (~> 3.9.0)
    rspec-core (3.9.0)
      rspec-support (~> 3.9.0)
    rspec-expectations (3.9.0)
      diff-lcs (>= 1.2.0, < 2.0)
      rspec-support (~> 3.9.0)
    rspec-mocks (3.9.0)
      diff-lcs (>= 1.2.0, < 2.0)
      rspec-support (~> 3.9.0)
    rspec-support (3.9.0)
    sequel (5.26.0)
    spirit_hands (2.1.13)
      awesome_print (~> 1.6)
      hirb (~> 0.7)
      hirb-unicode-steakknife (~> 0.0)
      pry (~> 0.10)
      pry-byebug (~> 3.4)
      pry-coolline (~> 0.2)
      pry-doc (>= 0.8, < 2)
      pry-rails (~> 0.3)
    sqlite3 (1.4.1)
    transproc (1.1.0)
    treetop (1.6.10)
      polyglot (~> 0.3)
    unicode-display_width (1.6.0)
    unicode_utils (1.4.0)
    yard (0.9.20)

PLATFORMS
  ruby

DEPENDENCIES
  awesome_print
  el!
  pry
  rack
  rom
  rom-sql
  rspec
  spirit_hands
  sqlite3
  treetop

BUNDLED WITH
   2.0.2
