PATH
  remote: ../contracts-gen
  specs:
    contracts-gen (0.1.0)
      faker (~> 1.9.6)
      gen-test (~> 0.1.0)

PATH
  remote: ../el
  specs:
    el (0.1.0)

PATH
  remote: ../gen-test
  specs:
    gen-test (0.1.0)
      faker (~> 1.9.6)
      regexp-examples (~> 1.5.0)

GEM
  remote: https://rubygems.org/
  specs:
    abstract_type (0.0.7)
    adamantium (0.2.0)
      ice_nine (~> 0.11.0)
      memoizable (~> 0.4.0)
    ast (2.4.0)
    awesome_print (1.8.0)
    coderay (1.1.2)
    concord (0.1.5)
      adamantium (~> 0.2.0)
      equalizer (~> 0.0.9)
    concurrent-ruby (1.1.5)
    contracts (0.16.0)
    diff-lcs (1.3)
    equalizer (0.0.11)
    executable-hooks (1.6.0)
    faker (1.9.6)
      i18n (>= 0.7)
    ffi (1.11.3-java)
    gem-wrappers (1.4.0)
    i18n (1.8.2)
      concurrent-ruby (~> 1.0)
    ice_nine (0.11.2)
    jruby-jars (9.2.9.0)
    jruby-rack (1.1.21)
    memoizable (0.4.2)
      thread_safe (~> 0.3, >= 0.3.1)
    method_source (0.9.2)
    parser (2.7.0.2)
      ast (~> 2.4.0)
    polyglot (0.3.5)
    procto (0.0.3)
    pry (0.12.2-java)
      coderay (~> 1.1.0)
      method_source (~> 0.9.0)
      spoon (~> 0.0)
    rack (2.1.1)
    rack-contrib (2.1.0)
      rack (~> 2.0)
    rake (13.0.1)
    regexp-examples (1.5.1)
    rspec (3.9.0)
      rspec-core (~> 3.9.0)
      rspec-expectations (~> 3.9.0)
      rspec-mocks (~> 3.9.0)
    rspec-core (3.9.1)
      rspec-support (~> 3.9.1)
    rspec-expectations (3.9.0)
      diff-lcs (>= 1.2.0, < 2.0)
      rspec-support (~> 3.9.0)
    rspec-mocks (3.9.1)
      diff-lcs (>= 1.2.0, < 2.0)
      rspec-support (~> 3.9.0)
    rspec-support (3.9.2)
    rubyzip (1.3.0)
    spoon (0.0.6)
      ffi
    thor (1.0.1)
    thread_safe (0.3.6-java)
    treetop (1.6.10)
      polyglot (~> 0.3)
    unparser (0.4.7)
      abstract_type (~> 0.0.7)
      adamantium (~> 0.2.0)
      concord (~> 0.1.5)
      diff-lcs (~> 1.3)
      equalizer (~> 0.0.9)
      parser (>= 2.6.5)
      procto (~> 0.0.2)
    warbler (2.0.5)
      jruby-jars (>= 9.0.0.0)
      jruby-rack (>= 1.1.1, < 1.3)
      rake (>= 10.1.0)
      rubyzip (~> 1.0, < 1.4)

PLATFORMS
  java

DEPENDENCIES
  awesome_print
  contracts
  contracts-gen!
  el!
  executable-hooks (= 1.6.0)
  gem-wrappers (= 1.4.0)
  gen-test!
  pry
  rack
  rack-contrib
  rspec
  thor
  treetop
  unparser
  warbler (= 2.0.5)

RUBY VERSION
   ruby 2.5.3p0 (jruby 9.2.6.0)

BUNDLED WITH
   2.1.4
