PATH
  remote: ../el
  specs:
    el (0.1.0)

GEM
  remote: https://rubygems.org/
  specs:
    awesome_print (1.8.0)
    byebug (11.0.1)
    coderay (1.1.2)
    coolline (0.5.0)
      unicode_utils (~> 1.4)
    diff-lcs (1.3)
    hirb (0.7.3)
    hirb-unicode-steakknife (0.0.9)
      hirb (~> 0.5)
      unicode-display_width (~> 1.1)
    method_source (0.9.2)
    polyglot (0.3.5)
    pry (0.12.2)
      coderay (~> 1.1.0)
      method_source (~> 0.9.0)
    pry-byebug (3.7.0)
      byebug (~> 11.0)
      pry (~> 0.10)
    pry-coolline (0.2.5)
      coolline (~> 0.5)
    pry-doc (1.0.0)
      pry (~> 0.11)
      yard (~> 0.9.11)
    pry-rails (0.3.9)
      pry (>= 0.10.4)
    rack (2.0.7)
    rspec (3.9.0)
      rspec-core (~> 3.9.0)
      rspec-expectations (~> 3.9.0)
      rspec-mocks (~> 3.9.0)
    rspec-core (3.9.0)
      rspec-support (~> 3.9.0)
    rspec-expectations (3.9.0)
      diff-lcs (>= 1.2.0, < 2.0)
      rspec-support (~> 3.9.0)
    rspec-mocks (3.9.0)
      diff-lcs (>= 1.2.0, < 2.0)
      rspec-support (~> 3.9.0)
    rspec-support (3.9.0)
    sequel (5.26.0)
    spirit_hands (2.1.13)
      awesome_print (~> 1.6)
      hirb (~> 0.7)
      hirb-unicode-steakknife (~> 0.0)
      pry (~> 0.10)
      pry-byebug (~> 3.4)
      pry-coolline (~> 0.2)
      pry-doc (>= 0.8, < 2)
      pry-rails (~> 0.3)
    sqlite3 (1.4.1)
    treetop (1.6.10)
      polyglot (~> 0.3)
    unicode-display_width (1.6.0)
    unicode_utils (1.4.0)
    yard (0.9.20)

PLATFORMS
  ruby

DEPENDENCIES
  awesome_print
  el!
  pry
  rack
  rspec
  sequel
  spirit_hands
  sqlite3
  treetop

BUNDLED WITH
   2.0.2
